GEM
  remote: https://rubygems.org/
  specs:
    coderay (1.1.2)
    method_source (1.0.0)
    pry (0.13.1)
      coderay (~> 1.1)
      method_source (~> 1.0)
    rb-readline (0.5.5)

PLATFORMS
  ruby

DEPENDENCIES
  pry
  rb-readline

RUBY VERSION
   ruby 2.6.5p114

BUNDLED WITH
   1.17.2
